PATH
  remote: ../../ruby/abbot
  specs:
    sproutcore (1.4.0.rc.5)
      erubis (~> 2.6.6)
      extlib (~> 0.9.15)
      json_pure (~> 1.4.6)
      rack (~> 1.2.1)
      thin (~> 1.2.7)
      thor (~> 0.14.1)

GEM
  specs:
    abstract (1.0.0)
    daemons (1.1.2)
    erubis (2.6.6)
      abstract (>= 1.0.0)
    eventmachine (0.12.10)
    extlib (0.9.15)
    json_pure (1.4.6)
    rack (1.2.2)
    thin (1.2.11)
      daemons (>= 1.0.9)
      eventmachine (>= 0.12.6)
      rack (>= 1.0.0)
    thor (0.14.6)

PLATFORMS
  ruby

DEPENDENCIES
  sproutcore!
